GIT
  remote: https://github.com/stellar/xdrgen.git
  revision: d30a909ff8d782dee7eadc0b4e02a89e4195eb79
  branch: master
  specs:
    xdrgen (0.0.1)
      activesupport (~> 6)
      memoist (~> 0.11.0)
      slop (~> 3.4)
      treetop (~> 1.5.3)

GEM
  remote: https://rubygems.org/
  specs:
    activesupport (6.0.3.1)
      concurrent-ruby (~> 1.0, >= 1.0.2)
      i18n (>= 0.7, < 2)
      minitest (~> 5.1)
      tzinfo (~> 1.1)
      zeitwerk (~> 2.2, >= 2.2.2)
    addressable (2.8.0)
      public_suffix (>= 2.0.2, < 5.0)
    coderay (1.1.2)
    concurrent-ruby (1.1.6)
    faraday (0.9.2)
      multipart-post (>= 1.2, < 3)
    i18n (1.8.2)
      concurrent-ruby (~> 1.0)
    memoist (0.11.0)
    method_source (0.9.2)
    minitest (5.14.1)
    multipart-post (2.1.1)
    netrc (0.11.0)
    octokit (4.18.0)
      faraday (>= 0.9)
      sawyer (~> 0.8.0, >= 0.5.3)
    polyglot (0.3.5)
    pry (0.11.3)
      coderay (~> 1.1.0)
      method_source (~> 0.9.0)
    public_suffix (4.0.6)
    rake (13.0.1)
    sawyer (0.8.2)
      addressable (>= 2.3.5)
      faraday (> 0.8, < 2.0)
    slop (3.6.0)
    thread_safe (0.3.6)
    treetop (1.5.3)
      polyglot (~> 0.3)
    tzinfo (1.2.7)
      thread_safe (~> 0.1)
    zeitwerk (2.3.0)

PLATFORMS
  ruby

DEPENDENCIES
  netrc
  octokit
  pry
  rake
  xdrgen!

BUNDLED WITH
   1.17.2
